GEM
  remote: http://rubygems.org/
  specs:
    curb (0.7.8)
    mustache (0.11.2)
    rack (1.2.1)
    shotgun (0.8)
      rack (>= 1.0)
    sinatra (1.1.0)
      rack (~> 1.1)
      tilt (~> 1.1)
    tilt (1.1)
    yajl-ruby (0.7.8)

PLATFORMS
  ruby

DEPENDENCIES
  curb (~> 0.7.8)
  mustache (~> 0.11.2)
  shotgun
  sinatra (~> 1.0)
  yajl-ruby (~> 0.7.8)
